GIT
  remote: https://github.com/hawkular/hawkular-client-ruby.git
  revision: 66fc215a88e6f99d397af06b727561423a12a239
  branch: hawkular-1259
  specs:
    hawkular-client (4.1.0)
      addressable
      rest-client (~> 2.0.0)
      websocket-client-simple (~> 0.3.0)

GEM
  remote: https://rubygems.org/
  specs:
    activesupport (5.0.2)
      concurrent-ruby (~> 1.0, >= 1.0.2)
      i18n (~> 0.7)
      minitest (~> 5.1)
      tzinfo (~> 1.1)
    addressable (2.5.0)
      public_suffix (~> 2.0, >= 2.0.2)
    ast (2.3.0)
    concurrent-ruby (1.0.5-java)
    crack (0.4.3)
      safe_yaml (~> 1.0.0)
    diff-lcs (1.3)
    domain_name (0.5.20170223)
      unf (>= 0.0.5, < 1.0.0)
    event_emitter (0.2.5)
    hashdiff (0.3.2)
    http-cookie (1.0.3)
      domain_name (~> 0.5)
    i18n (0.8.1)
    jruby-openssl (0.9.20-java)
    jrubyfx (1.2.0-java)
      jrubyfx-fxmlloader (>= 0.4)
    jrubyfx-fxmlloader (0.4.1-java)
    mime-types (3.1)
      mime-types-data (~> 3.2015)
    mime-types-data (3.2016.0521)
    minitest (5.10.1)
    netrc (0.11.0)
    parser (2.4.0.0)
      ast (~> 2.2)
    polyglot (0.3.5)
    powerpack (0.1.1)
    public_suffix (2.0.5)
    rainbow (2.2.1)
    rake (10.5.0)
    rest-client (2.0.1)
      http-cookie (>= 1.0.2, < 2.0)
      mime-types (>= 1.16, < 4.0)
      netrc (~> 0.8)
    rspec (3.5.0)
      rspec-core (~> 3.5.0)
      rspec-expectations (~> 3.5.0)
      rspec-mocks (~> 3.5.0)
    rspec-core (3.5.4)
      rspec-support (~> 3.5.0)
    rspec-expectations (3.5.0)
      diff-lcs (>= 1.2.0, < 2.0)
      rspec-support (~> 3.5.0)
    rspec-mocks (3.5.0)
      diff-lcs (>= 1.2.0, < 2.0)
      rspec-support (~> 3.5.0)
    rspec-support (3.5.0)
    rubocop (0.41.2)
      parser (>= 2.3.1.1, < 3.0)
      powerpack (~> 0.1)
      rainbow (>= 1.99.1, < 3.0)
      ruby-progressbar (~> 1.7)
      unicode-display_width (~> 1.0, >= 1.0.1)
    ruby-progressbar (1.8.1)
    safe_yaml (1.0.4)
    shoulda (3.5.0)
      shoulda-context (~> 1.0, >= 1.0.1)
      shoulda-matchers (>= 1.4.1, < 3.0)
    shoulda-context (1.2.2)
    shoulda-matchers (2.8.0)
      activesupport (>= 3.0.0)
    simple-websocket-vcr (0.0.4)
    thread_safe (0.3.6-java)
    treetop (1.6.8)
      polyglot (~> 0.3)
    tzinfo (1.2.2)
      thread_safe (~> 0.1)
    unf (0.1.4-java)
    unicode-display_width (1.1.3)
    vcr (3.0.3)
    webmock (2.3.2)
      addressable (>= 2.3.6)
      crack (>= 0.3.2)
      hashdiff
    websocket (1.2.4)
    websocket-client-simple (0.3.0)
      event_emitter
      websocket
    yard (0.9.8)

PLATFORMS
  java

DEPENDENCIES
  addressable
  hawkular-client!
  jruby-openssl
  jrubyfx
  rake (< 11)
  rest-client
  rspec
  rspec-mocks
  rubocop (= 0.41.2)
  shoulda
  simple-websocket-vcr (= 0.0.4)
  treetop
  vcr
  webmock
  websocket-client-simple (~> 0.3.0)
  yard

RUBY VERSION
   ruby 2.3.1p0 (jruby 9.1.5.0)

BUNDLED WITH
   1.14.6
